GEM
  remote: https://rubygems.org/
  specs:
    aws-sdk (2.1.36)
      aws-sdk-resources (= 2.1.36)
    aws-sdk-core (2.1.36)
      jmespath (~> 1.0)
    aws-sdk-resources (2.1.36)
      aws-sdk-core (= 2.1.36)
    dotenv (2.0.2)
    jmespath (1.1.3)
    rake (10.3.2)

PLATFORMS
  java
  ruby

DEPENDENCIES
  aws-sdk (~> 2.1.19)
  dotenv
  rake
