GEM
  remote: https://rubygems.org/
  specs:
    aws-sdk (2.10.21)
      aws-sdk-resources (= 2.10.21)
    aws-sdk-core (2.10.21)
      aws-sigv4 (~> 1.0)
      jmespath (~> 1.0)
    aws-sdk-resources (2.10.21)
      aws-sdk-core (= 2.10.21)
    aws-sigv4 (1.0.1)
    jmespath (1.3.1)
    rake (10.3.2)

PLATFORMS
  java
  ruby

DEPENDENCIES
  aws-sdk (~> 2.1.19)
  rake

BUNDLED WITH
   1.10.6
