GEM
  remote: https://rubygems.org/
  specs:
    aws-sdk (1.57.0)
      aws-sdk-v1 (= 1.57.0)
    aws-sdk-v1 (1.57.0)
      json (~> 1.4)
      nokogiri (>= 1.4.4)
    json (1.8.1-java)
    nokogiri (1.6.4-java)
    rake (10.3.2)

PLATFORMS
  java

DEPENDENCIES
  aws-sdk
  rake

BUNDLED WITH
   1.10.3
